GEM
  specs:
    thor (0.20.3)

PLATFORMS
  ruby

DEPENDENCIES
  thor

BUNDLED WITH
   1.17.3
